PATH
  remote: .
  specs:
    rstd (0.1.0)

GEM
  remote: https://rubygems.org/
  specs:
    minitest (5.14.4)
    rake (12.3.3)
    yard (0.9.26)

PLATFORMS
  x86_64-linux

DEPENDENCIES
  minitest (~> 5.0)
  rake (~> 12.0)
  rstd!
  yard

BUNDLED WITH
   2.2.22
